GEM
  remote: https://rubygems.org/
  specs:
    Ascii85 (1.0.3)
    afm (0.2.2)
    ast (2.4.1)
    domain_name (0.5.20190701)
      unf (>= 0.0.5, < 1.0.0)
    hashery (2.1.2)
    http-accept (1.7.0)
    http-cookie (1.0.3)
      domain_name (~> 0.5)
    mime-types (3.3.1)
      mime-types-data (~> 3.2015)
    mime-types-data (3.2020.0512)
    netrc (0.11.0)
    parallel (1.19.2)
    parser (2.7.1.3)
      ast (~> 2.4.0)
    pdf-reader (2.4.0)
      Ascii85 (~> 1.0.0)
      afm (~> 0.2.1)
      hashery (~> 2.0)
      ruby-rc4
      ttfunk
    rainbow (3.0.0)
    regexp_parser (1.7.1)
    rest-client (2.1.0)
      http-accept (>= 1.7.0, < 2.0)
      http-cookie (>= 1.0.2, < 2.0)
      mime-types (>= 1.16, < 4.0)
      netrc (~> 0.8)
    rexml (3.2.4)
    rubocop (0.85.1)
      parallel (~> 1.10)
      parser (>= 2.7.0.1)
      rainbow (>= 2.2.2, < 4.0)
      regexp_parser (>= 1.7)
      rexml
      rubocop-ast (>= 0.0.3)
      ruby-progressbar (~> 1.7)
      unicode-display_width (>= 1.4.0, < 2.0)
    rubocop-ast (0.0.3)
      parser (>= 2.7.0.1)
    ruby-progressbar (1.10.1)
    ruby-rc4 (0.1.5)
    ttfunk (1.6.2.1)
    unf (0.1.4)
      unf_ext
    unf_ext (0.0.7.7)
    unicode-display_width (1.7.0)

PLATFORMS
  ruby

DEPENDENCIES
  pdf-reader
  rest-client
  rubocop

BUNDLED WITH
   2.1.4
